GEM
  remote: http://rubygems.org/
  specs:
    coderay (1.1.2)
    httparty (0.15.6)
      multi_xml (>= 0.5.2)
    json (2.1.0)
    method_source (0.8.2)
    mini_portile2 (2.3.0)
    multi_xml (0.6.0)
    nokogiri (1.8.1)
      mini_portile2 (~> 2.3.0)
    pry (0.11.0)
      coderay (~> 1.1.0)
      method_source (~> 0.8.1)

PLATFORMS
  ruby

DEPENDENCIES
  httparty
  json
  nokogiri
  pry

BUNDLED WITH
   1.16.0.pre.2
